GEM
  remote: https://rubygems.org/
  specs:
    dnssd (3.0.1)
    haml (4.0.6)
      tilt
    snmp (1.2.0)
    tilt (1.4.1)

PLATFORMS
  ruby

DEPENDENCIES
  dnssd
  haml
  snmp

BUNDLED WITH
   1.10.5
